GIT
  remote: https://github.com/danger/danger
  revision: 60ee2a7a3193755ad7d1645169f023077380f300
  branch: js
  specs:
    danger (2.1.2)
      claide (~> 1.0)
      claide-plugins (> 0.9.0)
      colored (~> 1.2)
      cork (~> 0.1)
      faraday (~> 0)
      faraday-http-cache (~> 1.0)
      git (~> 1)
      kramdown (~> 1.5)
      octokit (~> 4.2)
      terminal-table (~> 1)

GEM
  remote: https://rubygems.org/
  specs:
    addressable (2.4.0)
    claide (1.0.0)
    claide-plugins (0.9.1)
      cork
      nap
      open4 (~> 1.3)
    colored (1.2)
    cork (0.2.0)
      colored (~> 1.2)
    danger-js (1.0.0)
      danger (> 2.0)
      therubyracer (~> 0.12)
    danger-junit (0.7.0)
      danger (~> 2.0)
      ox (~> 2.0)
    faraday (0.9.2)
      multipart-post (>= 1.2, < 3)
    faraday-http-cache (1.3.1)
      faraday (~> 0.8)
    git (1.3.0)
    kramdown (1.12.0)
    libv8 (3.16.14.15)
    multipart-post (2.0.0)
    nap (1.1.0)
    octokit (4.3.0)
      sawyer (~> 0.7.0, >= 0.5.3)
    open4 (1.3.4)
    ox (2.4.4)
    ref (2.0.0)
    sawyer (0.7.0)
      addressable (>= 2.3.5, < 2.5)
      faraday (~> 0.8, < 0.10)
    terminal-table (1.6.0)
    therubyracer (0.12.2)
      libv8 (~> 3.16.14.0)
      ref

PLATFORMS
  ruby

DEPENDENCIES
  danger!
  danger-js
  danger-junit

BUNDLED WITH
   1.12.5
